GEM
  remote: https://rubygems.org/
  specs:
    digest-crc (0.7.0)
      rake (>= 12.0.0, < 14.0.0)
    rake (13.2.1)
    ruby-kafka (1.5.0)
      digest-crc

PLATFORMS
  x86_64-linux

DEPENDENCIES
  ruby-kafka

RUBY VERSION
   ruby 3.2.2p53

BUNDLED WITH
   2.4.10
